GEM
  remote: https://rubygems.org/
  specs:
    addressable (2.3.5)
    data_objects (0.10.13)
      addressable (~> 2.1)
    diff-lcs (1.2.4)
    dm-core (1.2.1)
      addressable (~> 2.3)
    dm-do-adapter (1.2.0)
      data_objects (~> 0.10.6)
      dm-core (~> 1.2.0)
    dm-migrations (1.2.0)
      dm-core (~> 1.2.0)
    dm-sqlite-adapter (1.2.0)
      dm-do-adapter (~> 1.2.0)
      do_sqlite3 (~> 0.10.6)
    dm-timestamps (1.2.0)
      dm-core (~> 1.2.0)
    do_sqlite3 (0.10.13)
      data_objects (= 0.10.13)
    pg (0.16.0)
    puma (2.5.0)
      rack (>= 1.1, < 2.0)
    rack (1.5.2)
    rack-protection (1.5.0)
      rack
    rack-test (0.6.2)
      rack (>= 1.0)
    rspec (2.14.1)
      rspec-core (~> 2.14.0)
      rspec-expectations (~> 2.14.0)
      rspec-mocks (~> 2.14.0)
    rspec-core (2.14.4)
    rspec-expectations (2.14.1)
      diff-lcs (>= 1.1.3, < 2.0)
    rspec-mocks (2.14.3)
    sinatra (1.4.3)
      rack (~> 1.4)
      rack-protection (~> 1.4)
      tilt (~> 1.3, >= 1.3.4)
    slim (2.0.1)
      temple (~> 0.6.6)
      tilt (>= 1.3.3, < 2.1)
    sqlite3 (1.3.7)
    temple (0.6.6)
    tilt (1.4.1)

PLATFORMS
  ruby

DEPENDENCIES
  dm-core
  dm-migrations
  dm-sqlite-adapter
  dm-timestamps
  pg
  puma
  rack-test
  rspec
  sinatra
  slim
  sqlite3
